GEM
  remote: https://rubygems.org/
  specs:
    ansi (1.5.0)
    ast (2.4.2)
    builder (3.2.4)
    byebug (11.1.3)
    docile (1.4.0)
    jaro_winkler (1.5.4)
    minitest (5.14.4)
    minitest-around (0.5.0)
      minitest (~> 5.0)
    minitest-focus (1.3.1)
      minitest (>= 4, < 6)
    minitest-reporters (1.4.3)
      ansi
      builder
      minitest (>= 5.0)
      ruby-progressbar
    parallel (1.21.0)
    parser (2.7.2.0)
      ast (~> 2.4.1)
    rainbow (3.0.0)
    rake (13.0.6)
    rubocop (0.79.0)
      jaro_winkler (~> 1.5.1)
      parallel (~> 1.10)
      parser (>= 2.7.0.1)
      rainbow (>= 2.2.2, < 4.0)
      ruby-progressbar (~> 1.7)
      unicode-display_width (>= 1.4.0, < 1.7)
    rubocop-minitest (0.6.2)
      rubocop (>= 0.74)
    rubocop-performance (1.5.2)
      rubocop (>= 0.71.0)
    rubocop-sorbet (0.3.7)
    ruby-progressbar (1.11.0)
    simplecov (0.21.2)
      docile (~> 1.1)
      simplecov-html (~> 0.11)
      simplecov_json_formatter (~> 0.1)
    simplecov-html (0.12.3)
    simplecov_json_formatter (0.1.3)
    sorbet (0.5.5406)
      sorbet-static (= 0.5.5406)
    sorbet-runtime (0.5.5406)
    sorbet-static (0.5.5406-universal-darwin-14)
    standard (0.2.0)
      rubocop (~> 0.79.0)
      rubocop-performance (~> 1.5.1)
    unicode-display_width (1.6.1)

PLATFORMS
  ruby

DEPENDENCIES
  byebug (~> 11.1)
  minitest (~> 5.14)
  minitest-around (~> 0.5)
  minitest-focus (~> 1.1)
  minitest-reporters (~> 1.4)
  parser (~> 2.7)
  rake (~> 13.0)
  rubocop (~> 0.79)
  rubocop-minitest (~> 0.6)
  rubocop-performance (~> 1.5)
  rubocop-sorbet (~> 0.3)
  simplecov (~> 0.18)
  sorbet (~> 0.5)
  sorbet-runtime (~> 0.5)
  standard (~> 0.1)

RUBY VERSION
   ruby 2.7.4p191

BUNDLED WITH
   2.1.4
