GEM
  remote: https://rubygems.org/
  specs:
    ansi (1.5.0)
    ast (2.4.0)
    builder (3.2.3)
    byebug (11.0.1)
    docile (1.3.1)
    jaro_winkler (1.5.2)
    json (2.2.0)
    minitest (5.11.3)
    minitest-around (0.5.0)
      minitest (~> 5.0)
    minitest-focus (1.1.2)
      minitest (>= 4, < 6)
    minitest-reporters (1.3.6)
      ansi
      builder
      minitest (>= 5.0)
      ruby-progressbar
    parallel (1.17.0)
    parser (2.6.3.0)
      ast (~> 2.4.0)
    rainbow (3.0.0)
    rake (12.3.2)
    rubocop (0.69.0)
      jaro_winkler (~> 1.5.1)
      parallel (~> 1.10)
      parser (>= 2.6)
      rainbow (>= 2.2.2, < 4.0)
      ruby-progressbar (~> 1.7)
      unicode-display_width (>= 1.4.0, < 1.7)
    ruby-progressbar (1.10.0)
    simplecov (0.16.1)
      docile (~> 1.1)
      json (>= 1.8, < 3)
      simplecov-html (~> 0.10.0)
    simplecov-html (0.10.2)
    unicode-display_width (1.6.0)

PLATFORMS
  ruby

DEPENDENCIES
  byebug (~> 11.0)
  minitest (~> 5.11)
  minitest-around (~> 0.5)
  minitest-focus (~> 1.1)
  minitest-reporters (~> 1.3)
  parser (~> 2.6)
  rake (~> 12.3)
  rubocop (~> 0.69)
  simplecov (~> 0.16)

RUBY VERSION
   ruby 2.6.3p62

BUNDLED WITH
   1.17.2
