GEM
  remote: https://rubygems.org/
  specs:
    ansi (1.5.0)
    ast (2.4.0)
    builder (3.2.4)
    byebug (11.1.1)
    docile (1.3.2)
    jaro_winkler (1.5.4)
    minitest (5.14.0)
    minitest-around (0.5.0)
      minitest (~> 5.0)
    minitest-focus (1.1.2)
      minitest (>= 4, < 6)
    minitest-reporters (1.4.2)
      ansi
      builder
      minitest (>= 5.0)
      ruby-progressbar
    parallel (1.19.1)
    parser (2.7.0.2)
      ast (~> 2.4.0)
    rainbow (3.0.0)
    rake (13.0.1)
    rubocop (0.79.0)
      jaro_winkler (~> 1.5.1)
      parallel (~> 1.10)
      parser (>= 2.7.0.1)
      rainbow (>= 2.2.2, < 4.0)
      ruby-progressbar (~> 1.7)
      unicode-display_width (>= 1.4.0, < 1.7)
    rubocop-minitest (0.6.0)
      rubocop (>= 0.74)
    ruby-progressbar (1.10.1)
    simplecov (0.18.2)
      docile (~> 1.1)
      simplecov-html (~> 0.11)
    simplecov-html (0.12.0)
    unicode-display_width (1.6.1)

PLATFORMS
  ruby

DEPENDENCIES
  byebug (~> 11.1)
  minitest (~> 5.14)
  minitest-around (~> 0.5)
  minitest-focus (~> 1.1)
  minitest-reporters (~> 1.4)
  parser (~> 2.7)
  rake (~> 13.0)
  rubocop (~> 0.79)
  rubocop-minitest (~> 0.6)
  simplecov (~> 0.18)

RUBY VERSION
   ruby 2.7.0p0

BUNDLED WITH
   2.1.2
