GEM
  remote: https://rubygems.org/
  specs:
    ansi (1.5.0)
    ast (2.4.2)
    builder (3.2.4)
    byebug (11.1.3)
    docile (1.4.0)
    minitest (5.14.4)
    minitest-around (0.5.0)
      minitest (~> 5.0)
    minitest-focus (1.3.1)
      minitest (>= 4, < 6)
    minitest-reporters (1.4.3)
      ansi
      builder
      minitest (>= 5.0)
      ruby-progressbar
    parallel (1.21.0)
    parser (3.0.2.0)
      ast (~> 2.4.1)
    rainbow (3.0.0)
    rake (13.0.6)
    regexp_parser (2.1.1)
    rexml (3.2.5)
    rubocop (1.20.0)
      parallel (~> 1.10)
      parser (>= 3.0.0.0)
      rainbow (>= 2.2.2, < 4.0)
      regexp_parser (>= 1.8, < 3.0)
      rexml
      rubocop-ast (>= 1.9.1, < 2.0)
      ruby-progressbar (~> 1.7)
      unicode-display_width (>= 1.4.0, < 3.0)
    rubocop-ast (1.11.0)
      parser (>= 3.0.1.1)
    rubocop-minitest (0.15.1)
      rubocop (>= 0.90, < 2.0)
    rubocop-performance (1.11.5)
      rubocop (>= 1.7.0, < 2.0)
      rubocop-ast (>= 0.4.0)
    rubocop-sorbet (0.3.7)
    ruby-progressbar (1.11.0)
    simplecov (0.21.2)
      docile (~> 1.1)
      simplecov-html (~> 0.11)
      simplecov_json_formatter (~> 0.1)
    simplecov-html (0.12.3)
    simplecov_json_formatter (0.1.3)
    sorbet (0.5.5406)
      sorbet-static (= 0.5.5406)
    sorbet-runtime (0.5.5406)
    sorbet-static (0.5.5406-universal-darwin-14)
    standard (1.3.0)
      rubocop (= 1.20.0)
      rubocop-performance (= 1.11.5)
    unicode-display_width (2.1.0)

PLATFORMS
  ruby

DEPENDENCIES
  byebug (~> 11.1)
  minitest (~> 5.14)
  minitest-around (~> 0.5)
  minitest-focus (~> 1.1)
  minitest-reporters (~> 1.4)
  parser (~> 3.0)
  rake (~> 13.0)
  rubocop (~> 1.20)
  rubocop-minitest (~> 0.15)
  rubocop-performance (~> 1.11)
  rubocop-sorbet (~> 0.3)
  simplecov (~> 0.18)
  sorbet (~> 0.5)
  sorbet-runtime (~> 0.5)
  standard (~> 1.3)

RUBY VERSION
   ruby 2.7.4p191

BUNDLED WITH
   2.1.4
