GEM
  remote: https://rubygems.org/
  specs:
    ansi (1.5.0)
    ast (2.4.2)
    builder (3.2.4)
    debug (1.3.4)
      irb (>= 1.3.6)
      reline (>= 0.2.7)
    docile (1.4.0)
    io-console (0.5.9)
    irb (1.3.7)
      reline (>= 0.2.7)
    minitest (5.14.4)
    minitest-reporters (1.4.3)
      ansi
      builder
      minitest (>= 5.0)
      ruby-progressbar
    parallel (1.21.0)
    parser (3.0.3.1)
      ast (~> 2.4.1)
    rainbow (3.0.0)
    regexp_parser (2.2.0)
    reline (0.2.7)
      io-console (~> 0.5)
    rexml (3.2.5)
    rubocop (1.23.0)
      parallel (~> 1.10)
      parser (>= 3.0.0.0)
      rainbow (>= 2.2.2, < 4.0)
      regexp_parser (>= 1.8, < 3.0)
      rexml
      rubocop-ast (>= 1.12.0, < 2.0)
      ruby-progressbar (~> 1.7)
      unicode-display_width (>= 1.4.0, < 3.0)
    rubocop-ast (1.14.0)
      parser (>= 3.0.1.1)
    rubocop-minitest (0.17.0)
      rubocop (>= 0.90, < 2.0)
    rubocop-performance (1.12.0)
      rubocop (>= 1.7.0, < 2.0)
      rubocop-ast (>= 0.4.0)
    rubocop-sorbet (0.6.3)
      rubocop (>= 0.90.0)
    ruby-progressbar (1.11.0)
    simplecov (0.21.2)
      docile (~> 1.1)
      simplecov-html (~> 0.11)
      simplecov_json_formatter (~> 0.1)
    simplecov-html (0.12.3)
    simplecov_json_formatter (0.1.3)
    sorbet (0.5.9426)
      sorbet-static (= 0.5.9426)
    sorbet-runtime (0.5.9426)
    sorbet-static (0.5.9426-x86_64-linux)
    standard (1.5.0)
      rubocop (= 1.23.0)
      rubocop-performance (= 1.12.0)
    unicode-display_width (2.1.0)

PLATFORMS
  x86_64-linux

DEPENDENCIES
  debug (~> 1.3)
  minitest (~> 5.14)
  minitest-reporters (~> 1.4)
  parser (~> 3.0)
  rubocop (~> 1.23)
  rubocop-minitest (~> 0.17)
  rubocop-performance (~> 1.12)
  rubocop-sorbet (~> 0.6)
  simplecov (~> 0.18)
  sorbet (~> 0.5)
  sorbet-runtime (~> 0.5)
  standard (~> 1.5)

RUBY VERSION
   ruby 3.0.3p157

BUNDLED WITH
   2.2.32
